GEM
  remote: https://rubygems.org/
  specs:
    gosu (0.10.5)

PLATFORMS
  ruby

DEPENDENCIES
  gosu

BUNDLED WITH
   1.11.2
